GEM
  remote: https://rubygems.org/
  remote: http://gems.github.com/
  specs:
    chipmunk (6.1.3.4)
    gosu (0.10.7)

PLATFORMS
  ruby

DEPENDENCIES
  chipmunk
  gosu

BUNDLED WITH
   1.12.5
